GEM
  remote: http://rubygems.org/
  specs:
    json (1.8.1)
    mimic (0.4.3)
      json
      plist
      rack
      sinatra
    minitest (5.2.0)
    plist (3.1.0)
    rack (1.5.2)
    rack-protection (1.5.1)
      rack
    sinatra (1.4.4)
      rack (~> 1.4)
      rack-protection (~> 1.4)
      tilt (~> 1.3, >= 1.3.4)
    tilt (1.4.1)
    webrick (1.3.1)

PLATFORMS
  ruby

DEPENDENCIES
  mimic
  minitest
  webrick
